STORAGE: NONE
RESTRICTION: || (== netcoreapp3.1) (== netstandard2.0) (== netstandard2.1)
NUGET
  remote: https://api.nuget.org/v3/index.json
    Elmish (3.1)
      FSharp.Core (>= 4.6.2)
    Fable.AST (3.0.0-nagareyama-beta-002)
    Fable.Browser.Blob (1.1)
      Fable.Core (>= 3.0)
      FSharp.Core (>= 4.6.2)
    Fable.Browser.Dom (2.1.2)
      Fable.Browser.Blob (>= 1.1)
      Fable.Browser.Event (>= 1.2.1)
      Fable.Browser.WebStorage (>= 1.0)
      Fable.Core (>= 3.0)
      FSharp.Core (>= 4.7.1)
    Fable.Browser.Event (1.2.1)
      Fable.Core (>= 3.0)
      FSharp.Core (>= 4.7)
    Fable.Browser.WebStorage (1.0)
      Fable.Browser.Event (>= 1.0)
      Fable.Core (>= 3.0)
      FSharp.Core (>= 4.5.2)
    Fable.Core (3.1.6)
      FSharp.Core (>= 4.7.1)
    Fable.Elmish (3.1)
      Fable.Core (>= 3.0)
      FSharp.Core (>= 4.6.2)
    Fable.Elmish.Browser (3.0.4)
      Fable.Browser.Dom (>= 1.0)
      Fable.Core (>= 3.0)
      Fable.Elmish (>= 3.0)
      FSharp.Core (>= 4.6.2)
    Fable.Elmish.HMR (4.0.1)
      Fable.Core (>= 3.0)
      Fable.Elmish.Browser (>= 3.0)
      Fable.Elmish.React (>= 3.0.1)
      FSharp.Core (>= 4.6.2)
    Fable.Elmish.React (3.0.1)
      Fable.Core (>= 3.0)
      Fable.Elmish (>= 3.0)
      Fable.React (>= 5.1)
      FSharp.Core (>= 4.6.2)
    Fable.React (7.0.1)
      Fable.Browser.Dom (>= 2.0.1)
      Fable.Core (>= 3.1.5)
      FSharp.Core (>= 4.7.1)
    Feliz (1.16.2)
      Fable.Core (>= 3.1.5)
      Fable.React (>= 7.0.1)
      Feliz.CompilerPlugins (>= 0.3)
      FSharp.Core (>= 4.7.2)
    Feliz.CompilerPlugins (0.3)
      Fable.AST (>= 3.0.0-nagareyama-beta-002)
      FSharp.Core (>= 4.7.1)
    Feliz.MaterialUI (1.2.2)
      Feliz (>= 1.5 < 2.0)
      FSharp.Core (>= 4.7 < 5.0)
    FSharp.Core (4.7.2)
